GEM
  remote: https://rubygems.org/
  specs:
    addressable (2.3.8)
    css_parser (1.3.7)
      addressable
    hpricot (0.8.6)
    htmlentities (4.3.4)
    mail (2.6.3)
      mime-types (>= 1.16, < 3)
    mime-types (2.6.2)
    mini_portile (0.6.2)
    nokogiri (1.6.6.2)
      mini_portile (~> 0.6.0)
    pony (1.11)
      mail (>= 2.0)
    premailer (1.8.6)
      css_parser (>= 1.3.6)
      htmlentities (>= 4.0.0)
    rack (1.6.4)
    rack-protection (1.5.3)
      rack
    sass (3.4.18)
    sinatra (1.4.6)
      rack (~> 1.4)
      rack-protection (~> 1.4)
      tilt (>= 1.3, < 3)
    tilt (2.0.1)

PLATFORMS
  ruby

DEPENDENCIES
  hpricot
  nokogiri
  pony
  premailer
  sass
  sinatra

BUNDLED WITH
   1.10.6
